PATH
  remote: .
  specs:
    riagent (0.0.2)
      activemodel (~> 4.0)
      activesupport (~> 4.0)
      riagent-document
      riak-client
      riak_json

GEM
  remote: https://rubygems.org/
  specs:
    activemodel (4.0.5)
      activesupport (= 4.0.5)
      builder (~> 3.1.0)
    activesupport (4.0.5)
      i18n (~> 0.6, >= 0.6.9)
      minitest (~> 4.2)
      multi_json (~> 1.3)
      thread_safe (~> 0.1)
      tzinfo (~> 0.3.37)
    axiom-types (0.1.1)
      descendants_tracker (~> 0.0.4)
      ice_nine (~> 0.11.0)
      thread_safe (~> 0.3, >= 0.3.1)
    beefcake (0.3.7)
    builder (3.1.4)
    coercible (1.0.0)
      descendants_tracker (~> 0.0.1)
    descendants_tracker (0.0.4)
      thread_safe (~> 0.3, >= 0.3.1)
    equalizer (0.0.9)
    i18n (0.6.9)
    ice_nine (0.11.0)
    innertube (1.0.2)
    json (1.8.1)
    mime-types (2.3)
    minitest (4.7.5)
    minitest-spec-context (0.0.3)
    multi_json (1.10.1)
    rake (10.3.2)
    rest-client (1.6.7)
      mime-types (>= 1.16)
    riagent-document (0.0.1)
      activesupport (~> 4.0)
      virtus
    riak-client (1.4.4.1)
      beefcake (~> 0.3.7)
      builder (>= 2.1.2)
      i18n (>= 0.4.0)
      innertube (~> 1.0.2)
      multi_json (~> 1.0)
    riak_json (0.0.4)
      json
      rest-client
    thread_safe (0.3.4)
    tzinfo (0.3.39)
    virtus (1.0.2)
      axiom-types (~> 0.1)
      coercible (~> 1.0)
      descendants_tracker (~> 0.0.3)
      equalizer (~> 0.0.9)

PLATFORMS
  ruby

DEPENDENCIES
  bundler
  minitest (~> 4.2)
  minitest-spec-context
  rake
  riagent!
