PATH
  remote: .
  specs:
    riagent (0.0.3)
      activemodel (~> 4.0)
      activesupport (~> 4.0)
      riagent-document
      riak-client (~> 2.2.1)

GEM
  remote: https://rubygems.org/
  specs:
    activemodel (4.0.13)
      activesupport (= 4.0.13)
      builder (~> 3.1.0)
    activesupport (4.0.13)
      i18n (~> 0.6, >= 0.6.9)
      minitest (~> 4.2)
      multi_json (~> 1.3)
      thread_safe (~> 0.1)
      tzinfo (~> 0.3.37)
    axiom-types (0.1.1)
      descendants_tracker (~> 0.0.4)
      ice_nine (~> 0.11.0)
      thread_safe (~> 0.3, >= 0.3.1)
    beefcake (1.1.0)
    builder (3.1.4)
    cert_validator (0.0.1)
    coercible (1.0.0)
      descendants_tracker (~> 0.0.1)
    descendants_tracker (0.0.4)
      thread_safe (~> 0.3, >= 0.3.1)
    equalizer (0.0.11)
    i18n (0.7.0)
    ice_nine (0.11.1)
    innertube (1.0.2)
    minitest (4.7.0)
    minitest-spec-context (0.0.3)
    multi_json (1.11.2)
    rake (10.3.2)
    riagent-document (0.0.1)
      activesupport (~> 4.0)
      virtus
    riak-client (2.2.1)
      beefcake (~> 1.1)
      cert_validator (~> 0.0.1)
      i18n (>= 0.4.0)
      innertube (~> 1.0.2)
      multi_json (~> 1.0)
    thread_safe (0.3.5)
    tzinfo (0.3.44)
    virtus (1.0.5)
      axiom-types (~> 0.1)
      coercible (~> 1.0)
      descendants_tracker (~> 0.0, >= 0.0.3)
      equalizer (~> 0.0, >= 0.0.9)

PLATFORMS
  ruby

DEPENDENCIES
  bundler
  minitest (~> 4.7)
  minitest-spec-context
  rake
  riagent!
