PATH
  remote: .
  specs:
    riagent (0.0.2)
      activemodel (~> 4.0)
      activesupport (~> 4.0)
      riagent-document
      riak-client (~> 2.0.0.rc1)
      riak_json

GEM
  remote: https://rubygems.org/
  specs:
    activemodel (4.0.9)
      activesupport (= 4.0.9)
      builder (~> 3.1.0)
    activesupport (4.0.9)
      i18n (~> 0.6, >= 0.6.9)
      minitest (~> 4.2)
      multi_json (~> 1.3)
      thread_safe (~> 0.1)
      tzinfo (~> 0.3.37)
    axiom-types (0.1.1)
      descendants_tracker (~> 0.0.4)
      ice_nine (~> 0.11.0)
      thread_safe (~> 0.3, >= 0.3.1)
    beefcake (1.0.0.pre2)
    builder (3.1.4)
    coercible (1.0.0)
      descendants_tracker (~> 0.0.1)
    descendants_tracker (0.0.4)
      thread_safe (~> 0.3, >= 0.3.1)
    equalizer (0.0.9)
    i18n (0.6.11)
    ice_nine (0.11.0)
    innertube (1.0.2)
    json (1.8.1)
    mime-types (2.3)
    minitest (4.7.0)
    minitest-spec-context (0.0.3)
    multi_json (1.10.1)
    netrc (0.7.7)
    r509 (0.10.0)
    r509-cert-validator (0.0.4)
      r509 (~> 0.10.0)
    rake (10.3.2)
    rest-client (1.7.2)
      mime-types (>= 1.16, < 3.0)
      netrc (~> 0.7)
    riagent-document (0.0.1)
      activesupport (~> 4.0)
      virtus
    riak-client (2.0.0.rc1)
      beefcake (>= 1.0.0.pre1)
      i18n (>= 0.4.0)
      innertube (~> 1.0.2)
      multi_json (~> 1.0)
      r509-cert-validator (~> 0.0.4)
    riak_json (0.0.4)
      json
      rest-client
    thread_safe (0.3.4)
    tzinfo (0.3.41)
    virtus (1.0.3)
      axiom-types (~> 0.1)
      coercible (~> 1.0)
      descendants_tracker (~> 0.0, >= 0.0.3)
      equalizer (~> 0.0, >= 0.0.9)

PLATFORMS
  ruby

DEPENDENCIES
  bundler
  minitest (~> 4.7)
  minitest-spec-context
  rake
  riagent!
