PATH
  remote: .
  specs:
    riagent (0.1.2)
      activemodel (~> 4.2)
      activesupport (~> 4.2)
      riagent-document (= 0.0.2)
      riak-client (~> 2.2)

GEM
  remote: https://rubygems.org/
  specs:
    activemodel (4.2.4)
      activesupport (= 4.2.4)
      builder (~> 3.1)
    activesupport (4.2.4)
      i18n (~> 0.7)
      json (~> 1.7, >= 1.7.7)
      minitest (~> 5.1)
      thread_safe (~> 0.3, >= 0.3.4)
      tzinfo (~> 1.1)
    axiom-types (0.1.1)
      descendants_tracker (~> 0.0.4)
      ice_nine (~> 0.11.0)
      thread_safe (~> 0.3, >= 0.3.1)
    beefcake (1.1.0)
    builder (3.2.2)
    cert_validator (0.0.1)
    coercible (1.0.0)
      descendants_tracker (~> 0.0.1)
    descendants_tracker (0.0.4)
      thread_safe (~> 0.3, >= 0.3.1)
    equalizer (0.0.11)
    i18n (0.7.0)
    ice_nine (0.11.1)
    innertube (1.0.2)
    json (1.8.3)
    minitest (5.8.0)
    minitest-spec-context (0.0.3)
    multi_json (1.11.2)
    rake (10.3.2)
    riagent-document (0.0.2)
      activesupport (~> 4.2)
      virtus
    riak-client (2.2.1)
      beefcake (~> 1.1)
      cert_validator (~> 0.0.1)
      i18n (>= 0.4.0)
      innertube (~> 1.0.2)
      multi_json (~> 1.0)
    thread_safe (0.3.5)
    tzinfo (1.2.2)
      thread_safe (~> 0.1)
    virtus (1.0.5)
      axiom-types (~> 0.1)
      coercible (~> 1.0)
      descendants_tracker (~> 0.0, >= 0.0.3)
      equalizer (~> 0.0, >= 0.0.9)

PLATFORMS
  ruby

DEPENDENCIES
  bundler
  minitest (~> 5.1)
  minitest-spec-context
  rake
  riagent!

BUNDLED WITH
   1.10.6
